PATH
  remote: .
  specs:
    swift_server (0.0.1)
      dante
      json
      sinatra (>= 1.4.0)
      supermodel (>= 0.1.6)
      unicorn
      webrick

GEM
  remote: https://rubygems.org/
  specs:
    activemodel (3.0.20)
      activesupport (= 3.0.20)
      builder (~> 2.1.2)
      i18n (~> 0.5.0)
    activesupport (3.0.20)
    builder (2.1.2)
    celluloid (0.16.0)
      timers (~> 4.0.0)
    coderay (1.1.0)
    dante (0.2.0)
    ffi (1.9.10)
    hitimes (1.2.2)
    i18n (0.5.4)
    json (1.8.3)
    kgio (2.9.3)
    listen (2.10.1)
      celluloid (~> 0.16.0)
      rb-fsevent (>= 0.9.3)
      rb-inotify (>= 0.9)
    method_source (0.8.2)
    pry (0.10.1)
      coderay (~> 1.1.0)
      method_source (~> 0.8.1)
      slop (~> 3.4)
    rack (1.6.4)
    rack-protection (1.5.3)
      rack
    raindrops (0.15.0)
    rb-fsevent (0.9.5)
    rb-inotify (0.9.5)
      ffi (>= 0.5.0)
    rerun (0.10.0)
      listen (~> 2.7, >= 2.7.3)
    sinatra (1.4.6)
      rack (~> 1.4)
      rack-protection (~> 1.4)
      tilt (>= 1.3, < 3)
    slop (3.6.0)
    supermodel (0.1.6)
      activemodel (~> 3.0.0)
    tilt (2.0.1)
    timers (4.0.1)
      hitimes
    unicorn (4.9.0)
      kgio (~> 2.6)
      rack
      raindrops (~> 0.7)
    webrick (1.3.1)

PLATFORMS
  ruby

DEPENDENCIES
  bundler (~> 1.6)
  pry
  rerun (~> 0.10.0)
  swift_server!

BUNDLED WITH
   1.10.6
